GEM
  remote: http://rubygems.org/
  specs:
    kgio (2.7.2)
    net-ldap (0.3.1)
    rack (1.4.5)
    rack-protection (1.5.3)
      rack
    rack_csrf (2.5.0)
      rack (>= 1.1.0)
    raindrops (0.8.0)
    rake (0.9.2.2)
    redis (2.2.2)
    redis-rack (1.4.4)
      rack (~> 1.4.0)
      redis-store (~> 1.1.4)
    redis-store (1.1.4)
      redis (>= 2.2)
    sinatra (1.4.5)
      rack (~> 1.4)
      rack-protection (~> 1.4)
      tilt (~> 1.3, >= 1.3.4)
    sinatra-flash (0.3.0)
      sinatra (>= 1.0.0)
    tilt (1.4.1)
    unicorn (4.2.0)
      kgio (~> 2.6)
      rack
      raindrops (~> 0.7)
    whiskey_disk (0.6.24)
      rake

PLATFORMS
  ruby
  x86-mingw32

DEPENDENCIES
  net-ldap
  rack_csrf
  redis
  redis-rack
  sinatra (~> 1.4)
  sinatra-flash
  unicorn
  whiskey_disk
