GEM
  remote: http://rubygems.org/
  specs:
    kgio (2.7.2)
    rack (1.4.1)
    rack-protection (1.2.0)
      rack
    raindrops (0.8.0)
    rake (0.9.2.2)
    redis (2.2.2)
    sinatra (1.3.2)
      rack (~> 1.3, >= 1.3.6)
      rack-protection (~> 1.2)
      tilt (~> 1.3, >= 1.3.3)
    sinatra-flash (0.3.0)
      sinatra (>= 1.0.0)
    tilt (1.3.3)
    unicorn (4.2.0)
      kgio (~> 2.6)
      rack
      raindrops (~> 0.7)
    whiskey_disk (0.6.24)
      rake

PLATFORMS
  ruby
  x86-mingw32

DEPENDENCIES
  redis
  sinatra
  sinatra-flash
  unicorn
  whiskey_disk
